PATH
  remote: .
  specs:
    utility (0.0.1)

GEM
  remote: http://rubygems.org/
  specs:
    activesupport (4.1.11)
      i18n (~> 0.6, >= 0.6.9)
      json (~> 1.7, >= 1.7.7)
      minitest (~> 5.1)
      thread_safe (~> 0.1)
      tzinfo (~> 1.1)
    concurrent-ruby (1.1.9)
    diff-lcs (1.1.2)
    extlib (0.9.15)
    guard (0.3.4)
      thor (~> 0.14.6)
    guard-rspec (0.3.0)
      guard (>= 0.2.2)
    i18n (0.9.5)
      concurrent-ruby (~> 1.0)
    json (1.8.6)
    minitest (5.14.4)
    rspec (2.5.0)
      rspec-core (~> 2.5.0)
      rspec-expectations (~> 2.5.0)
      rspec-mocks (~> 2.5.0)
    rspec-core (2.5.1)
    rspec-expectations (2.5.0)
      diff-lcs (~> 1.1.2)
    rspec-mocks (2.5.0)
    thor (0.14.6)
    thread_safe (0.3.6)
    tzinfo (1.2.9)
      thread_safe (~> 0.1)

PLATFORMS
  ruby

DEPENDENCIES
  activesupport (~> 4.1.11)
  extlib (~> 0.9.0)
  guard-rspec
  rspec (~> 2.5.0)
  utility!
